PATH
  remote: .
  specs:
    client_api (0.0.0)
      faraday_middleware (~> 0.9.0)
      net-http-persistent

GEM
  remote: https://rubygems.org/
  specs:
    addressable (2.3.5)
    crack (0.4.1)
      safe_yaml (~> 0.9.0)
    faraday (0.8.8)
      multipart-post (~> 1.2.0)
    faraday_middleware (0.9.0)
      faraday (>= 0.7.4, < 0.9)
    json (1.8.1)
    multi_xml (0.5.5)
    multipart-post (1.2.0)
    net-http-persistent (2.9)
    rspec (1.3.2)
    safe_yaml (0.9.7)
    webmock (1.15.0)
      addressable (>= 2.2.7)
      crack (>= 0.3.2)

PLATFORMS
  ruby

DEPENDENCIES
  bundler (~> 1.0)
  client_api!
  json
  multi_xml
  rspec (~> 1.3)
  webmock (~> 1.6)
